PATH
  remote: ../../..
  specs:
    rubydoop (1.0.1-java)

GEM
  remote: http://rubygems.org/
  specs:
    json (1.7.5-java)
    rake (0.9.2.2)

PLATFORMS
  java

DEPENDENCIES
  json
  rake
  rubydoop!
