PATH
  remote: ../../..
  specs:
    rubydoop (1.0.4)

GEM
  remote: http://rubygems.org/
  specs:
    json (1.7.5-java)
    paint (0.8.5)
    rake (0.9.2.2)

PLATFORMS
  java

DEPENDENCIES
  json
  paint
  rake
  rubydoop!
