PATH
  remote: ../..
  specs:
    rubydoop (1.0.0.pre0-java)

GEM
  remote: http://rubygems.org/
  specs:
    rake (0.9.2.2)

PLATFORMS
  java

DEPENDENCIES
  rake
  rubydoop!
