PATH
  remote: ../..
  specs:
    rudoop (1.0.0.pre0-java)

GEM
  remote: http://rubygems.org/
  specs:
    json (1.7.5-java)

PLATFORMS
  java

DEPENDENCIES
  json
  rudoop!
